PATH
  remote: .
  specs:
    force-utc (0.0.1)

GEM
  remote: https://rubygems.org/
  specs:
    rake (10.4.2)

PLATFORMS
  ruby

DEPENDENCIES
  force-utc!
  rake
